GEM
  remote: https://rubygems.org/
  specs:
    builder (3.2.2)
    cucumber (2.0.0)
      builder (>= 2.1.2)
      cucumber-core (~> 1.1.3)
      diff-lcs (>= 1.1.3)
      gherkin (~> 2.12)
      multi_json (>= 1.7.5, < 2.0)
      multi_test (>= 0.1.2)
    cucumber-core (1.1.3)
      gherkin (~> 2.12.0)
    cucumber-puppet (0.3.7)
      cucumber
      gem-man
      templater
    diff-lcs (1.2.5)
    extlib (0.9.16)
    gem-man (0.3.0)
    gherkin (2.12.2)
      multi_json (~> 1.3)
    highline (1.6.21)
    multi_json (1.11.0)
    multi_test (0.1.2)
    templater (1.0.0)
      diff-lcs (>= 1.1.2)
      extlib (>= 0.9.5)
      highline (>= 1.4.0)

PLATFORMS
  ruby

DEPENDENCIES
  cucumber-puppet
